GEM
  remote: https://rubygems.org/
  specs:
    action_policy (0.5.7)
      ruby-next-core (>= 0.11.0)
    actioncable (6.1.3)
      actionpack (= 6.1.3)
      activesupport (= 6.1.3)
      nio4r (~> 2.0)
      websocket-driver (>= 0.6.1)
    actionmailbox (6.1.3)
      actionpack (= 6.1.3)
      activejob (= 6.1.3)
      activerecord (= 6.1.3)
      activestorage (= 6.1.3)
      activesupport (= 6.1.3)
      mail (>= 2.7.1)
    actionmailer (6.1.3)
      actionpack (= 6.1.3)
      actionview (= 6.1.3)
      activejob (= 6.1.3)
      activesupport (= 6.1.3)
      mail (~> 2.5, >= 2.5.4)
      rails-dom-testing (~> 2.0)
    actionpack (6.1.3)
      actionview (= 6.1.3)
      activesupport (= 6.1.3)
      rack (~> 2.0, >= 2.0.9)
      rack-test (>= 0.6.3)
      rails-dom-testing (~> 2.0)
      rails-html-sanitizer (~> 1.0, >= 1.2.0)
    actiontext (6.1.3)
      actionpack (= 6.1.3)
      activerecord (= 6.1.3)
      activestorage (= 6.1.3)
      activesupport (= 6.1.3)
      nokogiri (>= 1.8.5)
    actionview (6.1.3)
      activesupport (= 6.1.3)
      builder (~> 3.1)
      erubi (~> 1.4)
      rails-dom-testing (~> 2.0)
      rails-html-sanitizer (~> 1.1, >= 1.2.0)
    activejob (6.1.3)
      activesupport (= 6.1.3)
      globalid (>= 0.3.6)
    activemodel (6.1.3)
      activesupport (= 6.1.3)
    activerecord (6.1.3)
      activemodel (= 6.1.3)
      activesupport (= 6.1.3)
    activestorage (6.1.3)
      actionpack (= 6.1.3)
      activejob (= 6.1.3)
      activerecord (= 6.1.3)
      activesupport (= 6.1.3)
      marcel (~> 0.3.1)
      mimemagic (~> 0.3.2)
    activesupport (6.1.3)
      concurrent-ruby (~> 1.0, >= 1.0.2)
      i18n (>= 1.6, < 2)
      minitest (>= 5.1)
      tzinfo (~> 2.0)
      zeitwerk (~> 2.3)
    bindex (0.8.1)
    bootsnap (1.7.2)
      msgpack (~> 1.0)
    builder (3.2.4)
    byebug (11.1.3)
    concurrent-ruby (1.1.8)
    connection_pool (2.2.3)
    crass (1.0.6)
    declarative (0.0.20)
    declarative-builder (0.1.0)
      declarative-option (< 0.2.0)
    declarative-option (0.1.0)
    diff-lcs (1.4.4)
    disposable (0.4.7)
      declarative (>= 0.0.9, < 1.0.0)
      declarative-builder (< 0.2.0)
      declarative-option (< 0.2.0)
      representable (>= 2.4.0, <= 3.1.0)
      uber (< 0.2.0)
    docile (1.3.5)
    dry-configurable (0.12.1)
      concurrent-ruby (~> 1.0)
      dry-core (~> 0.5, >= 0.5.0)
    dry-container (0.7.2)
      concurrent-ruby (~> 1.0)
      dry-configurable (~> 0.1, >= 0.1.3)
    dry-core (0.5.0)
      concurrent-ruby (~> 1.0)
    dry-equalizer (0.3.0)
    dry-inflector (0.2.0)
    dry-initializer (3.0.4)
    dry-logic (1.1.0)
      concurrent-ruby (~> 1.0)
      dry-core (~> 0.5, >= 0.5)
    dry-schema (1.6.1)
      concurrent-ruby (~> 1.0)
      dry-configurable (~> 0.8, >= 0.8.3)
      dry-core (~> 0.5, >= 0.5)
      dry-initializer (~> 3.0)
      dry-logic (~> 1.0)
      dry-types (~> 1.5)
    dry-types (1.5.1)
      concurrent-ruby (~> 1.0)
      dry-container (~> 0.3)
      dry-core (~> 0.5, >= 0.5)
      dry-inflector (~> 0.1, >= 0.1.2)
      dry-logic (~> 1.0, >= 1.0.2)
    dry-validation (1.6.0)
      concurrent-ruby (~> 1.0)
      dry-container (~> 0.7, >= 0.7.1)
      dry-core (~> 0.4)
      dry-equalizer (~> 0.2)
      dry-initializer (~> 3.0)
      dry-schema (~> 1.5, >= 1.5.2)
    enumerize (2.4.0)
      activesupport (>= 3.2)
    erubi (1.10.0)
    factory_bot (6.1.0)
      activesupport (>= 5.0.0)
    factory_bot_rails (6.1.0)
      factory_bot (~> 6.1.0)
      railties (>= 5.0.0)
    faker (2.16.0)
      i18n (>= 1.6, < 2)
    ffi (1.15.0)
    globalid (0.4.2)
      activesupport (>= 4.2.0)
    hashie (4.1.0)
    hirb (0.7.3)
    httpclient (2.8.3)
    i18n (1.8.9)
      concurrent-ruby (~> 1.0)
    interactor (3.1.2)
    listen (3.4.1)
      rb-fsevent (~> 0.10, >= 0.10.3)
      rb-inotify (~> 0.9, >= 0.9.10)
    loofah (2.9.0)
      crass (~> 1.0.2)
      nokogiri (>= 1.5.9)
    mail (2.7.1)
      mini_mime (>= 0.1.1)
    marcel (0.3.3)
      mimemagic (~> 0.3.2)
    method_source (1.0.0)
    mimemagic (0.3.5)
    mini_mime (1.0.2)
    mini_portile2 (2.5.0)
    minitest (5.14.4)
    monetize (1.9.4)
      money (~> 6.12)
    money (6.13.8)
      i18n (>= 0.6.4, <= 2)
    money-rails (1.14.0)
      activesupport (>= 3.0)
      monetize (~> 1.9.0)
      money (~> 6.13.2)
      railties (>= 3.0)
    msgpack (1.4.2)
    nio4r (2.5.7)
    nokogiri (1.11.1)
      mini_portile2 (~> 2.5.0)
      racc (~> 1.4)
    pg (1.2.3)
    puma (5.2.2)
      nio4r (~> 2.0)
    racc (1.5.2)
    rack (2.2.3)
    rack-test (1.1.0)
      rack (>= 1.0, < 3)
    rails (6.1.3)
      actioncable (= 6.1.3)
      actionmailbox (= 6.1.3)
      actionmailer (= 6.1.3)
      actionpack (= 6.1.3)
      actiontext (= 6.1.3)
      actionview (= 6.1.3)
      activejob (= 6.1.3)
      activemodel (= 6.1.3)
      activerecord (= 6.1.3)
      activestorage (= 6.1.3)
      activesupport (= 6.1.3)
      bundler (>= 1.15.0)
      railties (= 6.1.3)
      sprockets-rails (>= 2.0.0)
    rails-dom-testing (2.0.3)
      activesupport (>= 4.2.0)
      nokogiri (>= 1.6)
    rails-html-sanitizer (1.3.0)
      loofah (~> 2.3)
    railties (6.1.3)
      actionpack (= 6.1.3)
      activesupport (= 6.1.3)
      method_source
      rake (>= 0.8.7)
      thor (~> 1.0)
    rake (13.0.3)
    rb-fsevent (0.10.4)
    rb-inotify (0.10.1)
      ffi (~> 1.0)
    redis (4.2.5)
    redis-actionpack (5.2.0)
      actionpack (>= 5, < 7)
      redis-rack (>= 2.1.0, < 3)
      redis-store (>= 1.1.0, < 2)
    redis-activesupport (5.2.0)
      activesupport (>= 3, < 7)
      redis-store (>= 1.3, < 2)
    redis-rack (2.1.3)
      rack (>= 2.0.8, < 3)
      redis-store (>= 1.2, < 2)
    redis-rails (5.0.2)
      redis-actionpack (>= 5.0, < 6)
      redis-activesupport (>= 5.0, < 6)
      redis-store (>= 1.2, < 2)
    redis-store (1.9.0)
      redis (>= 4, < 5)
    reform (2.5.0)
      disposable (>= 0.4.2, < 0.5.0)
      representable (>= 2.4.0, < 3.1.0)
      uber (< 0.2.0)
    reform-rails (0.2.1)
      activemodel (>= 5.0)
      reform (>= 2.3.1, < 3.0.0)
    representable (3.0.4)
      declarative (< 0.1.0)
      declarative-option (< 0.2.0)
      uber (< 0.2.0)
    rolify (5.3.0)
    rspec-core (3.10.1)
      rspec-support (~> 3.10.0)
    rspec-expectations (3.10.1)
      diff-lcs (>= 1.2.0, < 2.0)
      rspec-support (~> 3.10.0)
    rspec-mocks (3.10.2)
      diff-lcs (>= 1.2.0, < 2.0)
      rspec-support (~> 3.10.0)
    rspec-rails (4.1.0)
      actionpack (>= 4.2)
      activesupport (>= 4.2)
      railties (>= 4.2)
      rspec-core (~> 3.10)
      rspec-expectations (~> 3.10)
      rspec-mocks (~> 3.10)
      rspec-support (~> 3.10)
    rspec-sidekiq (3.1.0)
      rspec-core (~> 3.0, >= 3.0.0)
      sidekiq (>= 2.4.0)
    rspec-support (3.10.2)
    ruby-next-core (0.12.0)
    sass-rails (6.0.0)
      sassc-rails (~> 2.1, >= 2.1.1)
    sassc (2.4.0)
      ffi (~> 1.9)
    sassc-rails (2.1.2)
      railties (>= 4.0.0)
      sassc (>= 2.0)
      sprockets (> 3.0)
      sprockets-rails
      tilt
    shoulda-matchers (4.5.1)
      activesupport (>= 4.2.0)
    sidekiq (6.1.3)
      connection_pool (>= 2.2.2)
      rack (~> 2.0)
      redis (>= 4.2.0)
    simplecov (0.21.2)
      docile (~> 1.1)
      simplecov-html (~> 0.11)
      simplecov_json_formatter (~> 0.1)
    simplecov-html (0.12.3)
    simplecov_json_formatter (0.1.2)
    spring (2.1.1)
    spring-watcher-listen (2.0.1)
      listen (>= 2.7, < 4.0)
      spring (>= 1.2, < 3.0)
    sprockets (4.0.2)
      concurrent-ruby (~> 1.0)
      rack (> 1, < 3)
    sprockets-rails (3.2.2)
      actionpack (>= 4.0)
      activesupport (>= 4.0)
      sprockets (>= 3.0.0)
    telegram-bot (0.15.3)
      actionpack (>= 4.0, < 6.2)
      activesupport (>= 4.0, < 6.2)
      httpclient (~> 2.7)
    thor (1.1.0)
    tilt (2.0.10)
    trailblazer (2.1.0)
      trailblazer-macro (>= 2.1.0, < 2.2.0)
      trailblazer-macro-contract (>= 2.1.0, < 2.2.0)
      trailblazer-operation
    trailblazer-activity (0.12.0)
      trailblazer-context (>= 0.4.0, < 0.5.0)
    trailblazer-activity-dsl-linear (0.4.0)
      trailblazer-activity (>= 0.12.0, < 1.0.0)
    trailblazer-context (0.4.0)
      hashie (>= 3.0.0)
    trailblazer-developer (0.0.21)
      hirb
      representable
      trailblazer-activity (>= 0.11.0, < 1.0.0)
      trailblazer-activity-dsl-linear
    trailblazer-loader (0.1.2)
    trailblazer-macro (2.1.5)
      trailblazer-activity-dsl-linear (>= 0.4.0, < 0.5.0)
      trailblazer-operation (>= 0.7.0)
    trailblazer-macro-contract (2.1.1)
      reform (>= 2.2.0, < 3.0.0)
      trailblazer-activity-dsl-linear (>= 0.4.0, < 0.5.0)
    trailblazer-operation (0.7.1)
      trailblazer-activity-dsl-linear (>= 0.4.0, < 1.0.0)
    trailblazer-rails (2.1.7)
      railties (>= 4.0.0)
      trailblazer (>= 2.1.0.beta1, < 2.2.0)
      trailblazer-loader (>= 0.1.0)
    tzinfo (2.0.4)
      concurrent-ruby (~> 1.0)
    uber (0.1.0)
    web-console (4.1.0)
      actionview (>= 6.0.0)
      activemodel (>= 6.0.0)
      bindex (>= 0.4.0)
      railties (>= 6.0.0)
    websocket-driver (0.7.3)
      websocket-extensions (>= 0.1.0)
    websocket-extensions (0.1.5)
    zeitwerk (2.4.2)

PLATFORMS
  ruby

DEPENDENCIES
  action_policy
  bootsnap (>= 1.4.2)
  byebug
  dry-validation
  enumerize
  factory_bot_rails
  faker
  interactor
  listen (~> 3.2)
  money-rails
  pg
  puma
  rails
  redis-rails
  reform
  reform-rails
  rolify
  rspec-rails
  rspec-sidekiq
  sass-rails
  shoulda-matchers
  simplecov
  spring
  spring-watcher-listen (~> 2.0.0)
  telegram-bot
  trailblazer
  trailblazer-developer
  trailblazer-rails
  web-console (>= 3.3.0)

RUBY VERSION
   ruby 2.7.2p137

BUNDLED WITH
   2.1.4
